GEM
  remote: https://rubygems.org/
  specs:
    rack (2.0.6)
    rake (12.3.3)

PLATFORMS
  ruby

DEPENDENCIES
  rack
  rake

BUNDLED WITH
   1.17.1
