GEM
  remote: https://rubygems.org/
  specs:
    activesupport (6.0.3.4)
      concurrent-ruby (~> 1.0, >= 1.0.2)
      i18n (>= 0.7, < 2)
      minitest (~> 5.1)
      tzinfo (~> 1.1)
      zeitwerk (~> 2.2, >= 2.2.2)
    ast (2.4.1)
    childprocess (3.0.0)
    concurrent-ruby (1.1.7)
    gitlab-styles (5.4.0)
      rubocop (~> 0.89.1)
      rubocop-gitlab-security (~> 0.1.0)
      rubocop-performance (~> 1.8.1)
      rubocop-rails (~> 2.8)
      rubocop-rspec (~> 1.44)
    haml (5.1.2)
      temple (>= 0.8.0)
      tilt
    haml_lint (0.34.0)
      haml (>= 4.0, < 5.2)
      rainbow
      rubocop (>= 0.50.0)
      sysexits (~> 1.1)
    i18n (1.8.5)
      concurrent-ruby (~> 1.0)
    iniparse (1.5.0)
    minitest (5.14.2)
    overcommit (0.53.0)
      childprocess (>= 0.6.3, < 4)
      iniparse (~> 1.4)
    parallel (1.19.2)
    parser (2.7.2.0)
      ast (~> 2.4.1)
    rack (2.2.3.1)
    rainbow (3.0.0)
    regexp_parser (1.8.2)
    rexml (3.2.4)
    rubocop (0.89.1)
      parallel (~> 1.10)
      parser (>= 2.7.1.1)
      rainbow (>= 2.2.2, < 4.0)
      regexp_parser (>= 1.7)
      rexml
      rubocop-ast (>= 0.3.0, < 1.0)
      ruby-progressbar (~> 1.7)
      unicode-display_width (>= 1.4.0, < 2.0)
    rubocop-ast (0.8.0)
      parser (>= 2.7.1.5)
    rubocop-gitlab-security (0.1.1)
      rubocop (>= 0.51)
    rubocop-performance (1.8.1)
      rubocop (>= 0.87.0)
      rubocop-ast (>= 0.4.0)
    rubocop-rails (2.8.1)
      activesupport (>= 4.2.0)
      rack (>= 1.1)
      rubocop (>= 0.87.0)
    rubocop-rspec (1.44.1)
      rubocop (~> 0.87)
      rubocop-ast (>= 0.7.1)
    ruby-progressbar (1.10.1)
    sysexits (1.2.0)
    temple (0.8.2)
    thread_safe (0.3.6)
    tilt (2.0.10)
    tzinfo (1.2.8)
      thread_safe (~> 0.1)
    unicode-display_width (1.7.0)
    zeitwerk (2.4.1)

PLATFORMS
  ruby

DEPENDENCIES
  gitlab-styles (~> 5.4.0)
  haml_lint (~> 0.34.0)
  overcommit

BUNDLED WITH
   2.1.4
